GEM
  remote: https://rubygems.org/
  specs:
    rack (1.4.1)
    rack-contrib (1.1.0)
      rack (>= 0.9.1)

PLATFORMS
  ruby

DEPENDENCIES
  rack
  rack-contrib
